GEM
  remote: https://rubygems.org/
  specs:
    docopt (0.6.1)

PLATFORMS
  ruby

DEPENDENCIES
  docopt

BUNDLED WITH
   2.1.4
